GEM
  remote: https://rubygems.org/
  specs:
    actioncable (7.0.0)
      actionpack (= 7.0.0)
      activesupport (= 7.0.0)
      nio4r (~> 2.0)
      websocket-driver (>= 0.6.1)
    actionmailbox (7.0.0)
      actionpack (= 7.0.0)
      activejob (= 7.0.0)
      activerecord (= 7.0.0)
      activestorage (= 7.0.0)
      activesupport (= 7.0.0)
      mail (>= 2.7.1)
    actionmailer (7.0.0)
      actionpack (= 7.0.0)
      actionview (= 7.0.0)
      activejob (= 7.0.0)
      activesupport (= 7.0.0)
      mail (~> 2.5, >= 2.5.4)
      rails-dom-testing (~> 2.0)
    actionpack (7.0.0)
      actionview (= 7.0.0)
      activesupport (= 7.0.0)
      rack (~> 2.0, >= 2.2.0)
      rack-test (>= 0.6.3)
      rails-dom-testing (~> 2.0)
      rails-html-sanitizer (~> 1.0, >= 1.2.0)
    actiontext (7.0.0)
      actionpack (= 7.0.0)
      activerecord (= 7.0.0)
      activestorage (= 7.0.0)
      activesupport (= 7.0.0)
      globalid (>= 0.6.0)
      nokogiri (>= 1.8.5)
    actionview (7.0.0)
      activesupport (= 7.0.0)
      builder (~> 3.1)
      erubi (~> 1.4)
      rails-dom-testing (~> 2.0)
      rails-html-sanitizer (~> 1.1, >= 1.2.0)
    activejob (7.0.0)
      activesupport (= 7.0.0)
      globalid (>= 0.3.6)
    activemodel (7.0.0)
      activesupport (= 7.0.0)
    activerecord (7.0.0)
      activemodel (= 7.0.0)
      activesupport (= 7.0.0)
    activestorage (7.0.0)
      actionpack (= 7.0.0)
      activejob (= 7.0.0)
      activerecord (= 7.0.0)
      activesupport (= 7.0.0)
      marcel (~> 1.0)
      mini_mime (>= 1.1.0)
    activesupport (7.0.0)
      concurrent-ruby (~> 1.0, >= 1.0.2)
      i18n (>= 1.6, < 2)
      minitest (>= 5.1)
      tzinfo (~> 2.0)
    bcrypt (3.1.18)
    binding_of_caller (1.0.0)
      debug_inspector (>= 0.0.1)
    builder (3.2.4)
    climate_control (0.2.0)
    cocaine (0.6.0)
      terrapin (= 0.6.0)
    concurrent-ruby (1.1.10)
    crass (1.0.6)
    debug_inspector (1.1.0)
    devise (4.8.1)
      bcrypt (~> 3.0)
      orm_adapter (~> 0.1)
      railties (>= 4.1.0)
      responders
      warden (~> 1.2.3)
    erubi (1.11.0)
    execjs (2.8.1)
    ffi (1.15.5)
    globalid (1.0.0)
      activesupport (>= 5.0)
    i18n (1.12.0)
      concurrent-ruby (~> 1.0)
    jbuilder (2.11.5)
      actionview (>= 5.0.0)
      activesupport (>= 5.0.0)
    jquery-rails (4.5.0)
      rails-dom-testing (>= 1, < 3)
      railties (>= 4.2.0)
      thor (>= 0.14, < 2.0)
    json (1.8.6)
    loofah (2.19.0)
      crass (~> 1.0.2)
      nokogiri (>= 1.5.9)
    mail (2.7.1)
      mini_mime (>= 0.1.1)
    marcel (1.0.2)
    method_source (1.0.0)
    mime-types (3.4.1)
      mime-types-data (~> 3.2015)
    mime-types-data (3.2022.0105)
    mimemagic (0.3.10)
      nokogiri (~> 1)
      rake
    mini_mime (1.1.2)
    mini_portile2 (2.8.0)
    minitest (5.16.3)
    nio4r (2.5.8)
    nokogiri (1.13.8)
      mini_portile2 (~> 2.8.0)
      racc (~> 1.4)
    orm_adapter (0.5.0)
    paperclip (6.1.0)
      activemodel (>= 4.2.0)
      activesupport (>= 4.2.0)
      mime-types
      mimemagic (~> 0.3.0)
      terrapin (~> 0.6.0)
    pg (1.4.3)
    puma (5.6.5)
      nio4r (~> 2.0)
    racc (1.6.0)
    rack (2.2.4)
    rack-test (2.0.2)
      rack (>= 1.3)
    rails (7.0.0)
      actioncable (= 7.0.0)
      actionmailbox (= 7.0.0)
      actionmailer (= 7.0.0)
      actionpack (= 7.0.0)
      actiontext (= 7.0.0)
      actionview (= 7.0.0)
      activejob (= 7.0.0)
      activemodel (= 7.0.0)
      activerecord (= 7.0.0)
      activestorage (= 7.0.0)
      activesupport (= 7.0.0)
      bundler (>= 1.15.0)
      railties (= 7.0.0)
    rails-dom-testing (2.0.3)
      activesupport (>= 4.2.0)
      nokogiri (>= 1.6)
    rails-html-sanitizer (1.4.3)
      loofah (~> 2.3)
    railties (7.0.0)
      actionpack (= 7.0.0)
      activesupport (= 7.0.0)
      method_source
      rake (>= 12.2)
      thor (~> 1.0)
      zeitwerk (~> 2.5)
    rake (13.0.6)
    rdoc (4.3.0)
    responders (3.0.1)
      actionpack (>= 5.0)
      railties (>= 5.0)
    sass-rails (6.0.0)
      sassc-rails (~> 2.1, >= 2.1.1)
    sassc (2.4.0)
      ffi (~> 1.9)
    sassc-rails (2.1.2)
      railties (>= 4.0.0)
      sassc (>= 2.0)
      sprockets (> 3.0)
      sprockets-rails
      tilt
    sdoc (0.4.2)
      json (~> 1.7, >= 1.7.7)
      rdoc (~> 4.0)
    spring (4.1.0)
    sprockets (4.1.1)
      concurrent-ruby (~> 1.0)
      rack (> 1, < 3)
    sprockets-rails (3.4.2)
      actionpack (>= 5.2)
      activesupport (>= 5.2)
      sprockets (>= 3.0.0)
    terrapin (0.6.0)
      climate_control (>= 0.0.3, < 1.0)
    thor (1.2.1)
    tilt (2.0.11)
    turbolinks (5.2.1)
      turbolinks-source (~> 5.2)
    turbolinks-source (5.2.0)
    tzinfo (2.0.5)
      concurrent-ruby (~> 1.0)
    uglifier (4.2.0)
      execjs (>= 0.3.0, < 3)
    warden (1.2.9)
      rack (>= 2.0.9)
    web-console (2.3.0)
      activemodel (>= 4.0)
      binding_of_caller (>= 0.7.2)
      railties (>= 4.0)
      sprockets-rails (>= 2.0, < 4.0)
    websocket-driver (0.7.5)
      websocket-extensions (>= 0.1.0)
    websocket-extensions (0.1.5)
    youtube-dl.rb (0.3.1.2016.09.11.1)
      cocaine (>= 0.5.4)
    zeitwerk (2.6.1)

PLATFORMS
  ruby

DEPENDENCIES
  actionmailer
  devise
  jbuilder (~> 2.0)
  jquery-rails
  paperclip
  pg (~> 1.1)
  puma
  rails (= 7.0)
  sass-rails
  sdoc (~> 0.4.0)
  spring
  turbolinks
  uglifier (>= 1.3.0)
  web-console (~> 2.0)
  youtube-dl.rb

RUBY VERSION
   ruby 2.7.2p137

BUNDLED WITH
   2.1.4
